GEM
  remote: https://rubygems.org/
  specs:
    activesupport (4.2.6)
      i18n (~> 0.7)
      json (~> 1.7, >= 1.7.7)
      minitest (~> 5.1)
      thread_safe (~> 0.3, >= 0.3.4)
      tzinfo (~> 1.1)
    colorize (0.7.7)
    ethereum (0.4.95)
      activesupport
      sha3-pure-ruby
    i18n (0.7.0)
    json (1.8.3)
    minitest (5.8.4)
    sha3-pure-ruby (0.1.1)
    thread_safe (0.3.5)
    tzinfo (1.2.2)
      thread_safe (~> 0.1)

PLATFORMS
  ruby

DEPENDENCIES
  colorize
  ethereum

BUNDLED WITH
   1.11.2
